GEM
  remote: https://rubygems.org/
  specs:
    rack (2.2.2)
    rulers (0.1.0)
      rack

PLATFORMS
  ruby

DEPENDENCIES
  rulers

BUNDLED WITH
   2.1.2
